PATH
  remote: .
  specs:
    tcmb_exchange (0.5.0)
      nokogiri (~> 1.10, >= 1.10.8)

GEM
  remote: https://rubygems.org/
  specs:
    mini_portile2 (2.6.1)
    nokogiri (1.12.5)
      mini_portile2 (~> 2.6.1)
      racc (~> 1.4)
    racc (1.5.2)
    rake (13.0.1)

PLATFORMS
  ruby

DEPENDENCIES
  bundler (~> 2.1, >= 2.1.4)
  rake (~> 13.0, >= 13.0.1)
  tcmb_exchange!

BUNDLED WITH
   2.1.4
