PATH
  remote: .
  specs:
    tcmb_exchange (0.7.0)
      nokogiri (~> 1.10, >= 1.10.8)

GEM
  remote: https://rubygems.org/
  specs:
    mini_portile2 (2.8.0)
    nokogiri (1.13.3)
      mini_portile2 (~> 2.8.0)
      racc (~> 1.4)
    racc (1.6.0)
    rake (13.0.6)

PLATFORMS
  ruby

DEPENDENCIES
  bundler (~> 2.1, >= 2.1.4)
  rake (~> 13.0, >= 13.0.1)
  tcmb_exchange!

BUNDLED WITH
   2.3.7
